PATH
  remote: .
  specs:
    sockjs (0.3.4.2)
      faye-websocket (~> 0.10.7)
      json
      rack
      rack-mount (~> 0.8.3)
      thin

GEM
  remote: https://rubygems.org/
  specs:
    calibrate (0.0.1)
    caliph (0.3.1)
    corundum (0.6.2)
      bundler (~> 1.10)
      caliph (~> 0.3)
      mattock (~> 0.9)
      paint (~> 0.8)
      rspec (>= 2.0, < 4)
      simplecov (>= 0.5)
      simplecov-json (~> 0.2)
    daemons (1.2.5)
    diff-lcs (1.3)
    docile (1.1.5)
    eventmachine (1.2.5)
    faye-websocket (0.10.7)
      eventmachine (>= 0.12.0)
      websocket-driver (>= 0.5.1)
    fuubar (1.3.3)
      rspec (>= 2.14.0, < 3.1.0)
      ruby-progressbar (~> 1.4)
    json (2.1.0)
    macaddr (1.7.1)
      systemu (~> 2.6.2)
    mattock (0.10.1)
      calibrate (~> 0.0.1)
      caliph (~> 0.3)
      rake (~> 10.0)
      tilt (> 0)
      valise (~> 1.1)
    paint (0.9.0)
    rack (2.0.3)
    rack-mount (0.8.3)
      rack (>= 1.0.0)
    rack-test (0.8.2)
      rack (>= 1.0, < 3)
    rake (10.5.0)
    rspec (2.99.0)
      rspec-core (~> 2.99.0)
      rspec-expectations (~> 2.99.0)
      rspec-mocks (~> 2.99.0)
    rspec-core (2.99.2)
    rspec-expectations (2.99.2)
      diff-lcs (>= 1.1.3, < 2.0)
    rspec-mocks (2.99.4)
    ruby-progressbar (1.9.0)
    simplecov (0.15.1)
      docile (~> 1.1.0)
      json (>= 1.8, < 3)
      simplecov-html (~> 0.10.0)
    simplecov-html (0.10.2)
    simplecov-json (0.2)
      json
      simplecov
    systemu (2.6.5)
    thin (1.7.2)
      daemons (~> 1.0, >= 1.0.9)
      eventmachine (~> 1.0, >= 1.0.4)
      rack (>= 1, < 3)
    tilt (2.0.8)
    uuid (2.3.8)
      macaddr (~> 1.0)
    valise (1.2.1)
    websocket-driver (0.7.0)
      websocket-extensions (>= 0.1.0)
    websocket-extensions (0.1.3)

PLATFORMS
  ruby

DEPENDENCIES
  corundum
  faye-websocket
  fuubar
  rack
  rack-test
  rspec (< 3.0)
  sockjs!
  thin
  uuid

BUNDLED WITH
   1.17.2
